PATH
  remote: .
  specs:
    oslovision (0.1.2)
      httparty (~> 0.22.0)
      mime-types (~> 3.0)
      rubyzip (~> 2.3)

GEM
  remote: https://rubygems.org/
  specs:
    addressable (2.8.7)
      public_suffix (>= 2.0.2, < 7.0)
    base64 (0.3.0)
    bigdecimal (3.2.2)
    crack (1.0.0)
      bigdecimal
      rexml
    csv (3.3.5)
    diff-lcs (1.6.2)
    hashdiff (1.2.0)
    httparty (0.22.0)
      csv
      mini_mime (>= 1.0.0)
      multi_xml (>= 0.5.2)
    logger (1.7.0)
    mime-types (3.7.0)
      logger
      mime-types-data (~> 3.2025, >= 3.2025.0507)
    mime-types-data (3.2025.0708)
    mini_mime (1.1.5)
    multi_xml (0.7.2)
      bigdecimal (~> 3.1)
    public_suffix (6.0.2)
    rake (13.3.0)
    rexml (3.4.1)
    rspec (3.13.1)
      rspec-core (~> 3.13.0)
      rspec-expectations (~> 3.13.0)
      rspec-mocks (~> 3.13.0)
    rspec-core (3.13.5)
      rspec-support (~> 3.13.0)
    rspec-expectations (3.13.5)
      diff-lcs (>= 1.2.0, < 2.0)
      rspec-support (~> 3.13.0)
    rspec-mocks (3.13.5)
      diff-lcs (>= 1.2.0, < 2.0)
      rspec-support (~> 3.13.0)
    rspec-support (3.13.4)
    rubyzip (2.4.1)
    vcr (6.3.1)
      base64
    webmock (3.25.1)
      addressable (>= 2.8.0)
      crack (>= 0.3.2)
      hashdiff (>= 0.4.0, < 2.0.0)

PLATFORMS
  arm64-darwin-24
  ruby

DEPENDENCIES
  oslovision!
  rake (~> 13.0)
  rspec (~> 3.0)
  rubyzip (~> 2.4)
  vcr (~> 6.2)
  webmock (~> 3.20)

BUNDLED WITH
   2.6.3
